GIT
  remote: https://github.com/alces-software/commander
  revision: 89523312cc16c5454d79b598bec05112ee529d5d
  specs:
    commander (4.4.4.pre.alces2)
      highline (~> 1.7.2)

GIT
  remote: https://github.com/alces-software/flight_cache
  revision: 2ed0991a8caf45f9e79abf0430ad5163333090d9
  specs:
    flight_cache (0.5.4)
      activesupport
      faraday
      faraday_middleware
      hashie

GIT
  remote: https://github.com/alces-software/flight_config
  revision: 0a0137d42fd5d6122e56b827c400bafa93b82520
  specs:
    flight_config (0.1.0)
      fakefs
      tty-config

GEM
  remote: https://rubygems.org/
  specs:
    activesupport (5.2.3)
      concurrent-ruby (~> 1.0, >= 1.0.2)
      i18n (>= 0.7, < 2)
      minitest (~> 5.1)
      tzinfo (~> 1.1)
    byebug (11.0.0)
    coderay (1.1.2)
    concurrent-ruby (1.1.5)
    equatable (0.5.0)
    fakefs (0.20.0)
    faraday (0.15.4)
      multipart-post (>= 1.2, < 3)
    faraday_middleware (0.13.1)
      faraday (>= 0.7.4, < 1.0)
    hashie (3.6.0)
    highline (1.7.10)
    i18n (1.6.0)
      concurrent-ruby (~> 1.0)
    method_source (0.9.2)
    minitest (5.11.3)
    multipart-post (2.0.0)
    necromancer (0.4.0)
    pastel (0.7.2)
      equatable (~> 0.5.0)
      tty-color (~> 0.4.0)
    pry (0.12.2)
      coderay (~> 1.1.0)
      method_source (~> 0.9.0)
    pry-byebug (3.7.0)
      byebug (~> 11.0)
      pry (~> 0.10)
    strings (0.1.5)
      strings-ansi (~> 0.1)
      unicode-display_width (~> 1.5)
      unicode_utils (~> 1.4)
    strings-ansi (0.1.0)
    thread_safe (0.3.6)
    tty-color (0.4.3)
    tty-config (0.3.1)
    tty-screen (0.6.5)
    tty-table (0.10.0)
      equatable (~> 0.5.0)
      necromancer (~> 0.4.0)
      pastel (~> 0.7.2)
      strings (~> 0.1.0)
      tty-screen (~> 0.6.4)
    tzinfo (1.2.5)
      thread_safe (~> 0.1)
    unicode-display_width (1.5.0)
    unicode_utils (1.4.0)

PLATFORMS
  ruby

DEPENDENCIES
  commander!
  flight_cache!
  flight_config!
  pry
  pry-byebug
  tty-table

BUNDLED WITH
   1.17.3
