GIT
  remote: https://github.com/alces-software/commander
  revision: 89523312cc16c5454d79b598bec05112ee529d5d
  specs:
    commander (4.4.4.pre.alces2)
      highline (~> 1.7.2)

GIT
  remote: https://github.com/alces-software/flight_cache
  revision: 2e97c13c3060244425c359319e2529f85db87e1b
  specs:
    flight_cache (0.5.3)
      activesupport
      faraday
      faraday_middleware
      hashie

GEM
  remote: https://rubygems.org/
  specs:
    activesupport (5.2.2.1)
      concurrent-ruby (~> 1.0, >= 1.0.2)
      i18n (>= 0.7, < 2)
      minitest (~> 5.1)
      tzinfo (~> 1.1)
    byebug (11.0.0)
    coderay (1.1.2)
    concurrent-ruby (1.1.5)
    faraday (0.15.4)
      multipart-post (>= 1.2, < 3)
    faraday_middleware (0.13.1)
      faraday (>= 0.7.4, < 1.0)
    hashie (3.6.0)
    highline (1.7.10)
    i18n (1.6.0)
      concurrent-ruby (~> 1.0)
    method_source (0.9.2)
    minitest (5.11.3)
    multipart-post (2.0.0)
    pry (0.12.2)
      coderay (~> 1.1.0)
      method_source (~> 0.9.0)
    pry-byebug (3.7.0)
      byebug (~> 11.0)
      pry (~> 0.10)
    thread_safe (0.3.6)
    tzinfo (1.2.5)
      thread_safe (~> 0.1)

PLATFORMS
  ruby

DEPENDENCIES
  commander!
  flight_cache!
  pry
  pry-byebug

BUNDLED WITH
   1.17.3
