GIT
  remote: https://github.com/alces-software/commander
  revision: 89523312cc16c5454d79b598bec05112ee529d5d
  specs:
    commander (4.4.4.pre.alces2)
      highline (~> 1.7.2)

PATH
  remote: opt
  specs:
    actionview (5.2.2)
    rack (2.0.6)
    rack-test (1.1.0)
    rails-dom-testing (2.0.3)
    rails-html-sanitizer (1.0.4)

GEM
  remote: https://rubygems.org/
  specs:
    actionpack (5.2.2)
      actionview (= 5.2.2)
      activesupport (= 5.2.2)
      rack (~> 2.0)
      rack-test (>= 0.6.3)
      rails-dom-testing (~> 2.0)
      rails-html-sanitizer (~> 1.0, >= 1.0.2)
    activesupport (5.2.2)
      concurrent-ruby (~> 1.0, >= 1.0.2)
      i18n (>= 0.7, < 2)
      minitest (~> 5.1)
      tzinfo (~> 1.1)
    byebug (11.0.0)
    coderay (1.1.2)
    concurrent-ruby (1.1.4)
    highline (1.7.10)
    i18n (1.6.0)
      concurrent-ruby (~> 1.0)
    method_source (0.9.2)
    minitest (5.11.3)
    pry (0.12.2)
      coderay (~> 1.1.0)
      method_source (~> 0.9.0)
    pry-byebug (3.7.0)
      byebug (~> 11.0)
      pry (~> 0.10)
    thread_safe (0.3.6)
    tzinfo (1.2.5)
      thread_safe (~> 0.1)

PLATFORMS
  ruby

DEPENDENCIES
  actionpack (~> 5.2)
  actionview!
  commander!
  pry
  pry-byebug
  rack!
  rack-test!
  rails-dom-testing!
  rails-html-sanitizer!

BUNDLED WITH
   1.16.1
