GIT
  remote: https://github.com/alces-software/commander
  revision: 89523312cc16c5454d79b598bec05112ee529d5d
  specs:
    commander (4.4.4.pre.alces2)
      highline (~> 1.7.2)

GEM
  remote: https://rubygems.org/
  specs:
    byebug (11.0.0)
    coderay (1.1.2)
    faraday (0.15.4)
      multipart-post (>= 1.2, < 3)
    highline (1.7.10)
    method_source (0.9.2)
    multipart-post (2.0.0)
    pry (0.12.2)
      coderay (~> 1.1.0)
      method_source (~> 0.9.0)
    pry-byebug (3.7.0)
      byebug (~> 11.0)
      pry (~> 0.10)

PLATFORMS
  ruby

DEPENDENCIES
  commander!
  faraday (~> 0.15.4)
  pry
  pry-byebug

BUNDLED WITH
   1.17.3
